GEM
  remote: https://rubygems.org/
  specs:
    aaf-gumboot (2.2.0)
      accession
    aaf-lipstick (3.0.6)
      erubis
      kramdown (~> 1.5)
      rails
      rmagick
      sprockets (~> 3.0)
      tilt
      will_paginate
    accession (1.0.0)
    actioncable (5.2.1)
      actionpack (= 5.2.1)
      nio4r (~> 2.0)
      websocket-driver (>= 0.6.1)
    actionmailer (5.2.1)
      actionpack (= 5.2.1)
      actionview (= 5.2.1)
      activejob (= 5.2.1)
      mail (~> 2.5, >= 2.5.4)
      rails-dom-testing (~> 2.0)
    actionpack (5.2.1)
      actionview (= 5.2.1)
      activesupport (= 5.2.1)
      rack (~> 2.0)
      rack-test (>= 0.6.3)
      rails-dom-testing (~> 2.0)
      rails-html-sanitizer (~> 1.0, >= 1.0.2)
    actionview (5.2.1)
      activesupport (= 5.2.1)
      builder (~> 3.1)
      erubi (~> 1.4)
      rails-dom-testing (~> 2.0)
      rails-html-sanitizer (~> 1.0, >= 1.0.3)
    activejob (5.2.1)
      activesupport (= 5.2.1)
      globalid (>= 0.3.6)
    activemodel (5.2.1)
      activesupport (= 5.2.1)
    activerecord (5.2.1)
      activemodel (= 5.2.1)
      activesupport (= 5.2.1)
      arel (>= 9.0)
    activestorage (5.2.1)
      actionpack (= 5.2.1)
      activerecord (= 5.2.1)
      marcel (~> 0.3.1)
    activesupport (5.2.1)
      concurrent-ruby (~> 1.0, >= 1.0.2)
      i18n (>= 0.7, < 2)
      minitest (~> 5.1)
      tzinfo (~> 1.1)
    addressable (2.5.2)
      public_suffix (>= 2.0.2, < 4.0)
    aes_key_wrap (1.0.1)
    arel (9.0.0)
    ast (2.4.0)
    aws-sdk (2.11.159)
      aws-sdk-resources (= 2.11.159)
    aws-sdk-core (2.11.159)
      aws-sigv4 (~> 1.0)
      jmespath (~> 1.0)
    aws-sdk-resources (2.11.159)
      aws-sdk-core (= 2.11.159)
    aws-sigv4 (1.0.3)
    bindata (2.4.4)
    brakeman (3.0.5)
      erubis (~> 2.6)
      fastercsv (~> 1.5)
      haml (>= 3.0, < 5.0)
      highline (~> 1.6.20)
      multi_json (~> 1.2)
      ruby2ruby (~> 2.1.1)
      ruby_parser (~> 3.7.0)
      sass (~> 3.0)
      terminal-table (~> 1.4)
    builder (3.2.3)
    byebug (10.0.2)
    capybara (3.10.0)
      addressable
      mini_mime (>= 0.1.3)
      nokogiri (~> 1.8)
      rack (>= 1.6.0)
      rack-test (>= 0.6.3)
      regexp_parser (~> 1.2)
      xpath (~> 3.2)
    cliver (0.3.2)
    coderay (1.1.2)
    concurrent-ruby (1.0.5)
    crack (0.4.3)
      safe_yaml (~> 1.0.0)
    crass (1.0.4)
    database_cleaner (1.7.0)
    diff-lcs (1.3)
    docile (1.3.1)
    erubi (1.7.1)
    erubis (2.7.0)
    execjs (2.7.0)
    factory_bot (4.11.1)
      activesupport (>= 3.0.0)
    factory_bot_rails (4.11.1)
      factory_bot (~> 4.11.1)
      railties (>= 3.0.0)
    faker (1.9.1)
      i18n (>= 0.7)
    fakeredis (0.7.0)
      redis (>= 3.2, < 5.0)
    fastercsv (1.5.5)
    ffi (1.9.25)
    formatador (0.2.5)
    globalid (0.4.1)
      activesupport (>= 4.2.0)
    god (0.13.7)
    guard (2.14.2)
      formatador (>= 0.2.4)
      listen (>= 2.7, < 4.0)
      lumberjack (>= 1.0.12, < 2.0)
      nenv (~> 0.1)
      notiffany (~> 0.0)
      pry (>= 0.9.12)
      shellany (~> 0.0)
      thor (>= 0.18.1)
    guard-brakeman (0.8.3)
      brakeman (>= 2.1.1)
      guard (>= 2.0.0)
    guard-bundler (2.1.0)
      bundler (~> 1.0)
      guard (~> 2.2)
      guard-compat (~> 1.1)
    guard-compat (1.2.1)
    guard-rspec (4.7.3)
      guard (~> 2.1)
      guard-compat (~> 1.1)
      rspec (>= 2.99.0, < 4.0)
    guard-rubocop (1.3.0)
      guard (~> 2.0)
      rubocop (~> 0.20)
    guard-unicorn (0.2.0)
      guard (>= 1.1)
    haml (4.0.7)
      tilt
    hashdiff (0.3.7)
    highline (1.6.21)
    i18n (1.1.1)
      concurrent-ruby (~> 1.0)
    implicit-schema (0.0.1)
    jbuilder (2.7.0)
      activesupport (>= 4.2.0)
      multi_json (>= 1.2)
    jmespath (1.4.0)
    json (2.1.0)
    json-jwt (1.9.4)
      activesupport
      aes_key_wrap
      bindata
    kgio (2.11.2)
    kramdown (1.17.0)
    launchy (2.4.3)
      addressable (~> 2.3)
    libv8 (3.16.14.19)
    listen (3.1.5)
      rb-fsevent (~> 0.9, >= 0.9.4)
      rb-inotify (~> 0.9, >= 0.9.7)
      ruby_dep (~> 1.2)
    loofah (2.2.2)
      crass (~> 1.0.2)
      nokogiri (>= 1.5.9)
    lumberjack (1.0.13)
    mail (2.7.1)
      mini_mime (>= 0.1.1)
    marcel (0.3.3)
      mimemagic (~> 0.3.2)
    method_source (0.9.0)
    mimemagic (0.3.2)
    mini_mime (1.0.1)
    mini_portile2 (2.3.0)
    minitest (5.11.3)
    multi_json (1.13.1)
    mysql2 (0.5.2)
    nenv (0.3.0)
    nio4r (2.3.1)
    nokogiri (1.8.2)
      mini_portile2 (~> 2.3.0)
    notiffany (0.1.1)
      nenv (~> 0.1)
      shellany (~> 0.0)
    parallel (1.12.1)
    parser (2.5.1.2)
      ast (~> 2.4.0)
    poltergeist (1.18.1)
      capybara (>= 2.1, < 4)
      cliver (~> 0.3.1)
      websocket-driver (>= 0.2.0)
    powerpack (0.1.2)
    pry (0.11.3)
      coderay (~> 1.1.0)
      method_source (~> 0.9.0)
    public_suffix (3.0.3)
    rack (2.0.5)
    rack-test (1.1.0)
      rack (>= 1.0, < 3)
    rails (5.2.1)
      actioncable (= 5.2.1)
      actionmailer (= 5.2.1)
      actionpack (= 5.2.1)
      actionview (= 5.2.1)
      activejob (= 5.2.1)
      activemodel (= 5.2.1)
      activerecord (= 5.2.1)
      activestorage (= 5.2.1)
      activesupport (= 5.2.1)
      bundler (>= 1.3.0)
      railties (= 5.2.1)
      sprockets-rails (>= 2.0.0)
    rails-controller-testing (1.0.2)
      actionpack (~> 5.x, >= 5.0.1)
      actionview (~> 5.x, >= 5.0.1)
      activesupport (~> 5.x)
    rails-dom-testing (2.0.3)
      activesupport (>= 4.2.0)
      nokogiri (>= 1.6)
    rails-html-sanitizer (1.0.4)
      loofah (~> 2.2, >= 2.2.2)
    railties (5.2.1)
      actionpack (= 5.2.1)
      activesupport (= 5.2.1)
      method_source
      rake (>= 0.8.7)
      thor (>= 0.19.0, < 2.0)
    rainbow (2.2.2)
      rake
    raindrops (0.19.0)
    rake (12.3.1)
    rapid-rack (0.2.0)
      json-jwt
    rb-fsevent (0.10.3)
    rb-inotify (0.9.10)
      ffi (>= 0.5.0, < 2)
    redis (4.0.2)
    redis-actionpack (5.0.2)
      actionpack (>= 4.0, < 6)
      redis-rack (>= 1, < 3)
      redis-store (>= 1.1.0, < 2)
    redis-activesupport (5.0.7)
      activesupport (>= 3, < 6)
      redis-store (>= 1.3, < 2)
    redis-rack (2.0.4)
      rack (>= 1.5, < 3)
      redis-store (>= 1.2, < 2)
    redis-rails (5.0.2)
      redis-actionpack (>= 5.0, < 6)
      redis-activesupport (>= 5.0, < 6)
      redis-store (>= 1.2, < 2)
    redis-store (1.6.0)
      redis (>= 2.2, < 5)
    ref (2.0.0)
    regexp_parser (1.2.0)
    rmagick (2.16.0)
    rspec (3.8.0)
      rspec-core (~> 3.8.0)
      rspec-expectations (~> 3.8.0)
      rspec-mocks (~> 3.8.0)
    rspec-core (3.8.0)
      rspec-support (~> 3.8.0)
    rspec-expectations (3.8.2)
      diff-lcs (>= 1.2.0, < 2.0)
      rspec-support (~> 3.8.0)
    rspec-mocks (3.8.0)
      diff-lcs (>= 1.2.0, < 2.0)
      rspec-support (~> 3.8.0)
    rspec-rails (3.8.1)
      actionpack (>= 3.0)
      activesupport (>= 3.0)
      railties (>= 3.0)
      rspec-core (~> 3.8.0)
      rspec-expectations (~> 3.8.0)
      rspec-mocks (~> 3.8.0)
      rspec-support (~> 3.8.0)
    rspec-support (3.8.0)
    rubocop (0.51.0)
      parallel (~> 1.10)
      parser (>= 2.3.3.1, < 3.0)
      powerpack (~> 0.1)
      rainbow (>= 2.2.2, < 3.0)
      ruby-progressbar (~> 1.7)
      unicode-display_width (~> 1.0, >= 1.0.1)
    ruby-progressbar (1.10.0)
    ruby2ruby (2.1.4)
      ruby_parser (~> 3.1)
      sexp_processor (~> 4.0)
    ruby_dep (1.5.0)
    ruby_parser (3.7.3)
      sexp_processor (~> 4.1)
    safe_yaml (1.0.4)
    sass (3.6.0)
      sass-listen (~> 4.0.0)
    sass-listen (4.0.0)
      rb-fsevent (~> 0.9, >= 0.9.4)
      rb-inotify (~> 0.9, >= 0.9.7)
    sass-rails (5.0.7)
      railties (>= 4.0.0, < 6)
      sass (~> 3.1)
      sprockets (>= 2.8, < 4.0)
      sprockets-rails (>= 2.0, < 4.0)
      tilt (>= 1.1, < 3)
    sexp_processor (4.11.0)
    shellany (0.0.1)
    shoulda-matchers (3.1.2)
      activesupport (>= 4.0.0)
    simplecov (0.16.1)
      docile (~> 1.1)
      json (>= 1.8, < 3)
      simplecov-html (~> 0.10.0)
    simplecov-html (0.10.2)
    slim (4.0.1)
      temple (>= 0.7.6, < 0.9)
      tilt (>= 2.0.6, < 2.1)
    sprockets (3.7.2)
      concurrent-ruby (~> 1.0)
      rack (> 1, < 3)
    sprockets-rails (3.2.1)
      actionpack (>= 4.0)
      activesupport (>= 4.0)
      sprockets (>= 3.0.0)
    super-identity (0.1.0)
    temple (0.8.0)
    terminal-notifier-guard (1.7.0)
    terminal-table (1.8.0)
      unicode-display_width (~> 1.1, >= 1.1.1)
    therubyracer (0.12.3)
      libv8 (~> 3.16.14.15)
      ref
    thor (0.19.4)
    thread_safe (0.3.6)
    tilt (2.0.8)
    timecop (0.9.1)
    torba (1.0.1)
      thor (~> 0.19.1)
    torba-rails (1.0.2)
      railties (>= 3.2)
      torba (~> 1.0)
    tzinfo (1.2.5)
      thread_safe (~> 0.1)
    uglifier (4.1.19)
      execjs (>= 0.3.0, < 3)
    unicode-display_width (1.4.0)
    unicorn (5.4.1)
      kgio (~> 2.6)
      raindrops (~> 0.7)
    valhammer (0.3.1)
      activerecord (> 4.1)
      activesupport (> 4.1)
    webmock (3.4.2)
      addressable (>= 2.3.6)
      crack (>= 0.3.2)
      hashdiff
    websocket-driver (0.7.0)
      websocket-extensions (>= 0.1.0)
    websocket-extensions (0.1.3)
    will_paginate (3.1.6)
    xpath (3.2.0)
      nokogiri (~> 1.8)

PLATFORMS
  ruby

DEPENDENCIES
  aaf-gumboot
  aaf-lipstick
  accession
  aws-sdk (~> 2)
  brakeman (~> 3.0.0)
  byebug
  capybara
  database_cleaner
  factory_bot_rails
  faker
  fakeredis
  god
  guard
  guard-brakeman
  guard-bundler
  guard-rspec
  guard-rubocop
  guard-unicorn
  implicit-schema
  jbuilder
  json-jwt
  launchy
  mysql2
  nokogiri (= 1.8.2)
  poltergeist
  pry
  rails
  rails-controller-testing
  rapid-rack
  redis
  redis-rails
  rspec-rails
  rubocop (= 0.51)
  sass-rails
  shoulda-matchers
  simplecov
  slim
  super-identity
  terminal-notifier-guard
  therubyracer
  timecop
  torba-rails
  uglifier
  unicorn
  valhammer
  webmock

BUNDLED WITH
   1.16.0
